GEM
  remote: https://rubygems.org/
  specs:
    bubble-wrap (1.3.0)
    rake (10.1.0)
    rake-hooks (1.2.3)
      rake
    sugarcube (0.20.25)
    teacup (2.1.0)

PLATFORMS
  ruby

DEPENDENCIES
  bubble-wrap
  rake
  rake-hooks
  sugarcube
  teacup
